GEM
  remote: http://rubygems.org/
  specs:
    addressable (2.2.6)
    bitly (0.6.1)
      crack (>= 0.1.4)
      httparty (>= 0.5.2)
      oauth2 (>= 0.1.1)
    crack (0.3.1)
    diff-lcs (1.1.3)
    faraday (0.7.5)
      addressable (~> 2.2.6)
      multipart-post (~> 1.1.3)
      rack (>= 1.1.0, < 2)
    guard (0.8.8)
      thor (~> 0.14.6)
    guard-rspec (0.5.2)
      guard (>= 0.8.4)
    httparty (0.8.1)
      multi_json
      multi_xml
    multi_json (1.0.3)
    multi_xml (0.4.1)
    multipart-post (1.1.3)
    oauth2 (0.5.1)
      faraday (~> 0.7.4)
      multi_json (~> 1.0.3)
    rack (1.3.5)
    rake (0.9.2.2)
    rspec (2.7.0)
      rspec-core (~> 2.7.0)
      rspec-expectations (~> 2.7.0)
      rspec-mocks (~> 2.7.0)
    rspec-core (2.7.1)
    rspec-expectations (2.7.0)
      diff-lcs (~> 1.1.2)
    rspec-mocks (2.7.0)
    thor (0.14.6)

PLATFORMS
  ruby

DEPENDENCIES
  bitly
  guard
  guard-rspec
  rake
  rspec
